GEM
  remote: https://rubygems.org/
  specs:
    curb (0.8.6)
    daemons (1.1.9)
    eventmachine (1.0.3)
    hpricot (0.8.6)
    json (1.8.1)
    rack (1.5.2)
    rack-protection (1.5.2)
      rack
    sinatra (1.4.4)
      rack (~> 1.4)
      rack-protection (~> 1.4)
      tilt (~> 1.3, >= 1.3.4)
    thin (1.6.1)
      daemons (>= 1.0.9)
      eventmachine (>= 1.0.0)
      rack (>= 1.0.0)
    tilt (1.4.1)

PLATFORMS
  ruby

DEPENDENCIES
  curb
  hpricot
  json
  sinatra (~> 1.4.4)
  thin
